GEM
  remote: https://rubygems.org/
  specs:
    mysql2 (0.3.16)
    rake (10.3.2)

PLATFORMS
  ruby

DEPENDENCIES
  mysql2
  rake
